GIT
  remote: git://github.com/delwyn/netzke-basepack.git
  revision: 4009aaa2235e2a5dead35b6dd1e4729a79d7feb4
  branch: excel_export
  specs:
    netzke-basepack (0.6.4)
      acts_as_list
      meta_where (>= 0.9.3)
      netzke-core (~> 0.6.4)
      will_paginate (~> 3.0.pre2)

GIT
  remote: git://github.com/delwyn/netzke-core.git
  revision: 8367aee8dbda76bee2d760a31e39dcfc39aa84c0
  branch: excel_export
  specs:
    netzke-core (0.6.6)
      activesupport (>= 3.0.1)

PATH
  remote: vendor/gems/netzke-persistence
  specs:
    netzke-persistence (0.1.1)

GEM
  remote: http://rubygems.org/
  specs:
    abstract (1.0.0)
    actionmailer (3.0.4)
      actionpack (= 3.0.4)
      mail (~> 2.2.15)
    actionpack (3.0.4)
      activemodel (= 3.0.4)
      activesupport (= 3.0.4)
      builder (~> 2.1.2)
      erubis (~> 2.6.6)
      i18n (~> 0.4)
      rack (~> 1.2.1)
      rack-mount (~> 0.6.13)
      rack-test (~> 0.5.7)
      tzinfo (~> 0.3.23)
    activemodel (3.0.4)
      activesupport (= 3.0.4)
      builder (~> 2.1.2)
      i18n (~> 0.4)
    activerecord (3.0.4)
      activemodel (= 3.0.4)
      activesupport (= 3.0.4)
      arel (~> 2.0.2)
      tzinfo (~> 0.3.23)
    activeresource (3.0.4)
      activemodel (= 3.0.4)
      activesupport (= 3.0.4)
    activesupport (3.0.4)
    acts_as_list (0.1.2)
    arel (2.0.8)
    builder (2.1.2)
    coderay (0.9.7)
    erubis (2.6.6)
      abstract (>= 1.0.0)
    faker (0.9.5)
      i18n (~> 0.4)
    haml (3.0.25)
    i18n (0.5.0)
    inploy (1.9)
    mail (2.2.15)
      activesupport (>= 2.3.6)
      i18n (>= 0.4.0)
      mime-types (~> 1.16)
      treetop (~> 1.4.8)
    meta_where (1.0.4)
      activerecord (~> 3.0.0)
      activesupport (~> 3.0.0)
      arel (~> 2.0.7)
    mime-types (1.16)
    mysql2 (0.2.6)
    open4 (1.0.1)
    perftools.rb (0.5.6)
    polyglot (0.3.1)
    rack (1.2.1)
    rack-mount (0.6.13)
      rack (>= 1.0.0)
    rack-perftools_profiler (0.4.0)
      open4 (~> 1.0)
      perftools.rb (~> 0.5)
      rack (~> 1.0)
    rack-test (0.5.7)
      rack (>= 1.0)
    rails (3.0.4)
      actionmailer (= 3.0.4)
      actionpack (= 3.0.4)
      activerecord (= 3.0.4)
      activeresource (= 3.0.4)
      activesupport (= 3.0.4)
      bundler (~> 1.0)
      railties (= 3.0.4)
    railties (3.0.4)
      actionpack (= 3.0.4)
      activesupport (= 3.0.4)
      rake (>= 0.8.7)
      thor (~> 0.14.4)
    rake (0.8.7)
    ruby-ole (1.2.11.1)
    spreadsheet (0.6.5.2)
      ruby-ole (>= 1.0)
    thor (0.14.6)
    treetop (1.4.9)
      polyglot (>= 0.3.1)
    tzinfo (0.3.24)
    will_paginate (3.0.pre2)

PLATFORMS
  ruby

DEPENDENCIES
  coderay
  faker
  haml
  inploy
  mysql2
  netzke-basepack!
  netzke-core!
  netzke-persistence!
  rack-perftools_profiler (~> 0.1)
  rails (= 3.0.4)
  spreadsheet
  will_paginate (~> 3.0.pre2)
